GEM
  remote: https://rubygems.org/
  specs:
    bourbon (4.1.1)
      sass (~> 3.3)
      thor
    sass (3.4.10)
    slim (3.0.1)
      temple (~> 0.7.3)
      tilt (>= 1.3.3, < 2.1)
    temple (0.7.5)
    thor (0.19.1)
    tilt (2.0.1)

PLATFORMS
  ruby

DEPENDENCIES
  bourbon
  sass
  slim
